PATH
  remote: .
  specs:
    remotely (0.1.0)
      activemodel
      activesupport
      faraday
      yajl-ruby

GEM
  remote: http://rubygems.org/
  specs:
    ZenTest (4.6.0)
    activemodel (3.0.10)
      activesupport (= 3.0.10)
      builder (~> 2.1.2)
      i18n (~> 0.5.0)
    activesupport (3.0.10)
    addressable (2.2.6)
    archive-tar-minitar (0.5.2)
    autotest-growl (0.2.9)
    bond (0.4.1)
    builder (2.1.2)
    columnize (0.3.4)
    crack (0.1.8)
    diff-lcs (1.1.2)
    faraday (0.7.5)
      addressable (~> 2.2.6)
      multipart-post (~> 1.1.3)
      rack (< 2, >= 1.1.0)
    i18n (0.5.0)
    linecache19 (0.5.12)
      ruby_core_source (>= 0.1.4)
    multipart-post (1.1.3)
    rack (1.3.5)
    rake (0.9.2)
    rspec (2.6.0)
      rspec-core (~> 2.6.0)
      rspec-expectations (~> 2.6.0)
      rspec-mocks (~> 2.6.0)
    rspec-core (2.6.4)
    rspec-expectations (2.6.0)
      diff-lcs (~> 1.1.2)
    rspec-mocks (2.6.0)
    ruby-debug-base19 (0.11.25)
      columnize (>= 0.3.1)
      linecache19 (>= 0.5.11)
      ruby_core_source (>= 0.1.4)
    ruby-debug-completion (0.2.1)
      bond (>= 0.3.3)
    ruby-debug19 (0.11.6)
      columnize (>= 0.3.1)
      linecache19 (>= 0.5.11)
      ruby-debug-base19 (>= 0.11.19)
    ruby_core_source (0.1.5)
      archive-tar-minitar (>= 0.5.2)
    webmock (1.7.1)
      addressable (> 2.2.5, ~> 2.2)
      crack (>= 0.1.7)
    yajl-ruby (1.0.0)

PLATFORMS
  ruby

DEPENDENCIES
  ZenTest
  autotest-growl
  rake
  remotely!
  rspec (~> 2.6.0)
  ruby-debug-completion
  ruby-debug19
  webmock
